GEM
  remote: https://rubygems.org/
  specs:
    colorize (1.1.0)

PLATFORMS
  arm64-darwin-24
  ruby

DEPENDENCIES
  colorize

RUBY VERSION
   ruby 3.3.6p108

BUNDLED WITH
   2.5.22
